PATH
  remote: .
  specs:
    paleth (0.0.1)
      opal (~> 0.10.5)
      opal-activesupport (~> 0.3.1)
      opal-sprockets

GEM
  remote: https://rubygems.org/
  specs:
    concurrent-ruby (1.0.5)
    hike (1.2.3)
    opal (0.10.5)
      hike (~> 1.2)
      sourcemap (~> 0.1.0)
      sprockets (~> 3.1)
      tilt (>= 1.4)
    opal-activesupport (0.3.1)
      opal (>= 0.5.0, < 1.0.0)
    opal-rspec (0.6.1)
      opal (>= 0.10.0, < 0.12)
    opal-sprockets (0.4.1.0.10.4.3.1.0)
      opal (~> 0.10.4)
      sprockets (~> 3.1)
      tilt (>= 1.4)
    rack (1.5.5)
    rake (10.5.0)
    sourcemap (0.1.1)
    sprockets (3.7.1)
      concurrent-ruby (~> 1.0)
      rack (> 1, < 3)
    tilt (2.0.8)

PLATFORMS
  ruby

DEPENDENCIES
  bundler (~> 1.16)
  opal-rspec (~> 0.6.1)
  paleth!
  rack (~> 1.5.0)
  rake (~> 10.0)

BUNDLED WITH
   1.16.0
